PATH
  remote: .
  specs:
    material-color (0.0.3)

GEM
  remote: https://rubygems.org/
  specs:
    rake (10.5.0)

PLATFORMS
  ruby

DEPENDENCIES
  bundler (~> 1.16)
  material-color!
  rake (~> 10.0)

BUNDLED WITH
   1.16.1
